PATH
  remote: .
  specs:
    cleon (0.1.0)

GEM
  remote: https://rubygems.org/
  specs:
    minitest (5.14.4)
    rake (13.0.6)

PLATFORMS
  x64-mingw32

DEPENDENCIES
  cleon!
  minitest (~> 5.0)
  rake (~> 13.0)

BUNDLED WITH
   2.2.26
